GEM
  remote: https://rubygems.org/
  specs:
    bourbon (3.1.6)
      sass (>= 3.2.0)
      thor
    neat (1.3.0)
      bourbon (>= 2.1)
      sass (>= 3.2)
    sass (3.2.9)
    thor (0.18.1)

PLATFORMS
  ruby

DEPENDENCIES
  bourbon
  neat
  sass
